GEM
  remote: https://rubygems.org/
  specs:
    bson (4.1.1)
    json (1.8.3)
    mongo (2.2.5)
      bson (~> 4.0)
    rack (1.6.4)
    rack-protection (1.5.3)
      rack
    sinatra (1.4.7)
      rack (~> 1.5)
      rack-protection (~> 1.4)
      tilt (>= 1.3, < 3)
    tilt (2.0.4)

PLATFORMS
  ruby

DEPENDENCIES
  json (~> 1.8, >= 1.8.3)
  mongo (~> 2.2, >= 2.2.5)
  sinatra (~> 1.4, >= 1.4.7)

BUNDLED WITH
   1.12.4
